GIT
  remote: git://github.com/MiniProfiler/rack-mini-profiler.git
  revision: e034905ef3542e4701cbb40e8db3dcfc0d33ebca
  specs:
    rack-mini-profiler (0.9.1)
      rack (>= 1.1.3)

GIT
  remote: https://github.com/ncbo/ncbo_resolver.git
  revision: 67989c445e53e019b3b3fa4905e0aa9d519df0ed
  specs:
    ncbo_resolver (0.0.1)
      recursive-open-struct
      redis

GIT
  remote: https://github.com/ncbo/ontologies_api_ruby_client.git
  revision: 6e56e5e5733f5088389e78ffee8eea3b54b80fe2
  specs:
    ontologies_api_client (0.0.5)
      activesupport (<= 3.0)
      excon
      faraday
      lz4-ruby
      multi_json
      oj (<= 2.0.14)

GEM
  remote: https://rubygems.org/
  specs:
    actionmailer (2.3.17)
      actionpack (= 2.3.17)
    actionpack (2.3.17)
      activesupport (= 2.3.17)
      rack (~> 1.1.0)
    activerecord (2.3.17)
      activesupport (= 2.3.17)
    activeresource (2.3.17)
      activesupport (= 2.3.17)
    activesupport (2.3.17)
    binding_of_caller (0.7.2)
      debug_inspector (>= 0.0.1)
    coderay (1.1.0)
    cube-ruby (0.0.3)
    daemons (1.1.9)
    debug_inspector (0.0.2)
    eventmachine (1.0.3)
    excon (0.33.0)
    faraday (0.9.0)
      multipart-post (>= 1.2, < 3)
    haml (3.1.8)
    hodel_3000_compliant_logger (0.1.1)
    hpricot (0.8.6)
    i18n (0.5.3)
    iconv (1.0.4)
    json (1.8.1)
    kgio (2.9.2)
    lz4-ruby (0.3.1)
    memcache-client (1.8.5)
    method_source (0.8.2)
    mime-types (2.2)
    multi_json (1.9.3)
    multipart-post (2.0.0)
    mysql (2.8.1)
    oink (0.10.1)
      activerecord
      hodel_3000_compliant_logger
    oj (2.0.14)
    pry (0.9.12.6)
      coderay (~> 1.0)
      method_source (~> 0.8)
      slop (~> 3.4)
    pry-nav (0.2.3)
      pry (~> 0.9.10)
    pry-stack_explorer (0.4.9.1)
      binding_of_caller (>= 0.7)
      pry (>= 0.9.11)
    rack (1.1.6)
    rails (2.3.17)
      actionmailer (= 2.3.17)
      actionpack (= 2.3.17)
      activerecord (= 2.3.17)
      activeresource (= 2.3.17)
      activesupport (= 2.3.17)
      rake (>= 0.8.3)
    raindrops (0.13.0)
    rake (10.3.1)
    rdoc (4.1.1)
      json (~> 1.4)
    recaptcha (0.3.6)
    recursive-open-struct (0.4.5)
    redis (3.0.7)
    rest-client (1.6.7)
      mime-types (>= 1.16)
    slop (3.5.0)
    thin (1.6.2)
      daemons (>= 1.0.9)
      eventmachine (>= 1.0.0)
      rack (>= 1.0.0)
    unicorn (4.8.2)
      kgio (~> 2.6)
      rack
      raindrops (~> 0.7)
    will_paginate (2.3.16)

PLATFORMS
  ruby

DEPENDENCIES
  cube-ruby
  haml (< 4.0.0)
  hpricot (~> 0.8.6)
  i18n (~> 0.5.0)
  iconv
  memcache-client (~> 1.8.5)
  mysql (~> 2.8.1)
  ncbo_resolver!
  oink
  ontologies_api_client!
  pry
  pry-nav
  pry-stack_explorer
  rack-mini-profiler!
  rails (= 2.3.17)
  rdoc
  recaptcha (~> 0.3.1)
  rest-client (~> 1.6.1)
  thin
  unicorn
  will_paginate (< 3.0)
